GEM
  remote: https://www.rubygems.org/
  specs:
    capistrano (2.14.2)
      highline
      net-scp (>= 1.0.0)
      net-sftp (>= 2.0.0)
      net-ssh (>= 2.0.14)
      net-ssh-gateway (>= 1.1.0)
    e (0.4.5)
      rack (~> 1.5)
      tilt (~> 1.3)
    eventmachine (1.0.3)
    highline (1.6.16)
    hiredis (0.4.5)
    kgio (2.8.0)
    net-scp (1.1.0)
      net-ssh (>= 2.6.5)
    net-sftp (2.1.1)
      net-ssh (>= 2.6.5)
    net-ssh (2.6.7)
    net-ssh-gateway (1.2.0)
      net-ssh (>= 2.6.5)
    rack (1.5.2)
    rainbows (4.5.0)
      kgio (~> 2.5)
      rack (~> 1.1)
      unicorn (~> 4.6, >= 4.6.2)
    raindrops (0.10.0)
    redis (3.0.3)
    tilt (1.3.7)
    unicorn (4.6.2)
      kgio (~> 2.6)
      rack
      raindrops (~> 0.7)

PLATFORMS
  ruby

DEPENDENCIES
  capistrano
  e
  eventmachine
  hiredis
  rainbows
  redis
