GEM
  remote: https://www.rubygems.org/
  specs:
    e (0.4.5)
      rack (~> 1.5)
      tilt (~> 1.3)
    eventmachine (1.0.3)
    rack (1.5.2)
    tilt (1.3.7)

PLATFORMS
  ruby

DEPENDENCIES
  e
  eventmachine
